GEM
  remote: https://rubygems.org/
  specs:
    git (1.5.0)
    json (2.2.0)

PLATFORMS
  ruby

DEPENDENCIES
  git!
  json!

BUNDLED WITH
   2.0.1
